PATH
  remote: .
  specs:
    mutx (0.1.59)
      basica
      bson_ext
      byebug
      chronic
      colorize
      cuba
      github-markup
      gmail
      json (~> 2.0.2)
      mail
      mongo (= 2.2.5)
      mote
      redcarpet
      redis
      require_all
      rufus-scheduler
      shotgun
      sidekiq
      sidetiq
      thor
      unicorn
      zip

GEM
  remote: https://rubygems.org/
  specs:
    basica (1.0.0)
    bson (4.2.1)
    bson_ext (1.5.1)
    builder (3.2.2)
    byebug (9.0.6)
    celluloid (0.17.3)
      celluloid-essentials
      celluloid-extras
      celluloid-fsm
      celluloid-pool
      celluloid-supervision
      timers (>= 4.1.1)
    celluloid-essentials (0.20.5)
      timers (>= 4.1.1)
    celluloid-extras (0.20.5)
      timers (>= 4.1.1)
    celluloid-fsm (0.20.5)
      timers (>= 4.1.1)
    celluloid-pool (0.20.5)
      timers (>= 4.1.1)
    celluloid-supervision (0.20.6)
      timers (>= 4.1.1)
    chronic (0.10.2)
    colorize (0.8.1)
    concurrent-ruby (1.0.4)
    connection_pool (2.2.1)
    cuba (3.8.0)
      rack (>= 1.6.0)
    cucumber (2.4.0)
      builder (>= 2.1.2)
      cucumber-core (~> 1.5.0)
      cucumber-wire (~> 0.0.1)
      diff-lcs (>= 1.1.3)
      gherkin (~> 4.0)
      multi_json (>= 1.7.5, < 2.0)
      multi_test (>= 0.1.2)
    cucumber-core (1.5.0)
      gherkin (~> 4.0)
    cucumber-wire (0.0.1)
    diff-lcs (1.2.5)
    gherkin (4.0.0)
    github-markup (1.4.0)
    gmail (0.6.0)
      gmail_xoauth (>= 0.3.0)
      mail (>= 2.2.1)
    gmail_xoauth (0.4.2)
      oauth (>= 0.3.6)
    hitimes (1.2.4)
    ice_cube (0.14.0)
    json (2.0.3)
    kgio (2.11.0)
    mail (2.6.4)
      mime-types (>= 1.16, < 4)
    mime-types (3.1)
      mime-types-data (~> 3.2015)
    mime-types-data (3.2016.0521)
    mongo (2.2.5)
      bson (~> 4.0)
    mote (1.1.4)
    multi_json (1.12.1)
    multi_test (0.1.2)
    oauth (0.5.1)
    rack (2.0.1)
    rack-protection (1.5.3)
      rack
    raindrops (0.17.0)
    rake (11.3.0)
    redcarpet (3.4.0)
    redis (3.3.2)
    require_all (1.3.3)
    rufus-scheduler (3.3.2)
      tzinfo
    shotgun (0.9.2)
      rack (>= 1.0)
    sidekiq (4.2.9)
      concurrent-ruby (~> 1.0)
      connection_pool (~> 2.2, >= 2.2.0)
      rack-protection (>= 1.5.0)
      redis (~> 3.2, >= 3.2.1)
    sidetiq (0.7.2)
      celluloid (>= 0.17.3)
      ice_cube (~> 0.14.0)
      sidekiq (>= 4.1.0)
    thor (0.19.4)
    thread_safe (0.3.5)
    timers (4.1.2)
      hitimes
    tzinfo (1.2.2)
      thread_safe (~> 0.1)
    unicorn (5.2.0)
      kgio (~> 2.6)
      raindrops (~> 0.7)
    zip (2.0.2)

PLATFORMS
  ruby

DEPENDENCIES
  bundler (~> 1.5)
  cucumber
  mutx!
  rake

BUNDLED WITH
   1.13.6
